GEM
  remote: https://rubygems.org/
  specs:
    activesupport (6.1.4.3)
      concurrent-ruby (~> 1.0, >= 1.0.2)
      i18n (>= 1.6, < 2)
      minitest (>= 5.1)
      tzinfo (~> 2.0)
      zeitwerk (~> 2.3)
    concurrent-ruby (1.1.9)
    httpi (2.4.5)
      rack
      socksify
    i18n (1.8.11)
      concurrent-ruby (~> 1.0)
    minitest (5.14.4)
    rack (2.2.3)
    rubyntlm (0.6.3)
    socksify (1.7.1)
    tzinfo (2.0.4)
      concurrent-ruby (~> 1.0)
    zeitwerk (2.5.1)

PLATFORMS
  x86_64-darwin-20
  x86_64-linux

DEPENDENCIES
  activesupport (~> 6.1.4)
  httpi (~> 2.4)
  rubyntlm (~> 0.6.3)

BUNDLED WITH
   2.2.11
